GEM
  remote: http://rubygems.org/
  specs:
    activemodel (3.2.8)
      activesupport (= 3.2.8)
      builder (~> 3.0.0)
    activesupport (3.2.8)
      i18n (~> 0.6)
      multi_json (~> 1.0)
    addressable (2.2.6)
    builder (3.0.3)
    cinch (1.1.3)
    i18n (0.6.1)
    json (1.6.2)
    mime-types (1.19)
    multi_json (1.3.6)
    oauth (0.4.6)
    rest-client (1.6.7)
      mime-types (>= 1.16)
    ruby-trello (0.4.4)
      activemodel
      addressable (~> 2.2.6)
      oauth (~> 0.4.5)
      rest-client (~> 1.6.7)

PLATFORMS
  ruby

DEPENDENCIES
  cinch
  json
  ruby-trello (~> 0.4.4)
