GEM
  remote: http://rubygems.org/
  specs:
    addressable (2.2.6)
    cinch (1.1.3)
    json (1.6.2)
    oauth (0.4.5)
    ruby-trello (0.2.0)
      addressable (~> 2.2.6)
      oauth (~> 0.4.5)
      yajl-ruby (>= 1.1.0)
    yajl-ruby (1.1.0)

PLATFORMS
  ruby

DEPENDENCIES
  cinch
  json
  ruby-trello
